GEM
  remote: https://rubygems.org/
  specs:
    bin_struct (0.3.0)
    digest-crc (0.7.0)
      rake (>= 12.0.0, < 14.0.0)
    interfacez (1.0.4)
    packetgen (4.0.0)
      bin_struct (~> 0.3.0)
      digest-crc (~> 0)
      interfacez (~> 1.0)
      pcaprub (~> 0.13.0)
      rasn1 (~> 0.14)
    pcaprub (0.13.3)
    rake (13.2.1)
    rasn1 (0.15.0)
      strptime (~> 0.2.5)
    resolv (0.6.0)
    strptime (0.2.5)
    webrick (1.9.1)

PLATFORMS
  arm64-darwin-24
  ruby

DEPENDENCIES
  packetgen
  resolv
  webrick

BUNDLED WITH
   2.6.2
